GEM
  remote: http://rubygems.org/
  specs:
    mina (0.3.8)
      open4 (~> 1.3.4)
      rake
    mina-nginx (0.0.1)
      mina (~> 0)
    open4 (1.3.4)
    rake (11.3.0)

PLATFORMS
  ruby

DEPENDENCIES
  mina (~> 0.3.8)
  mina-nginx

RUBY VERSION
   ruby 2.3.1p112

BUNDLED WITH
   1.12.5
